GEM
  remote: https://rubygems.org/
  specs:
    diff-lcs (1.3)
    rake (12.0.0)
    rake-compiler (1.0.3)
      rake
    require_all (1.4.0)
    rice (2.1.1)
    rspec (3.5.0)
      rspec-core (~> 3.5.0)
      rspec-expectations (~> 3.5.0)
      rspec-mocks (~> 3.5.0)
    rspec-core (3.5.4)
      rspec-support (~> 3.5.0)
    rspec-expectations (3.5.0)
      diff-lcs (>= 1.2.0, < 2.0)
      rspec-support (~> 3.5.0)
    rspec-mocks (3.5.0)
      diff-lcs (>= 1.2.0, < 2.0)
      rspec-support (~> 3.5.0)
    rspec-support (3.5.0)

PLATFORMS
  ruby

DEPENDENCIES
  rake-compiler
  require_all
  rice
  rspec

BUNDLED WITH
   1.10.6
